PATH
  remote: .
  specs:
    signalfx (2.0.1)
      protobuf (~> 3.5.1, >= 3.5.1)
      rest-client (~> 2.0)
      websocket-client-simple (~> 0.3.0)

GEM
  remote: https://rubygems.org/
  specs:
    activesupport (5.1.4)
      concurrent-ruby (~> 1.0, >= 1.0.2)
      i18n (~> 0.7)
      minitest (~> 5.1)
      tzinfo (~> 1.1)
    addressable (2.4.0)
    coderay (1.1.1)
    concurrent-ruby (1.0.5)
    crack (0.4.3)
      safe_yaml (~> 1.0.0)
    daemons (1.2.4)
    diff-lcs (1.2.5)
    docile (1.1.5)
    domain_name (0.5.20170404)
      unf (>= 0.0.5, < 1.0.0)
    event_emitter (0.2.6)
    eventmachine (1.2.5)
    faye-websocket (0.10.7)
      eventmachine (>= 0.12.0)
      websocket-driver (>= 0.5.1)
    hashdiff (0.3.0)
    http-cookie (1.0.3)
      domain_name (~> 0.5)
    i18n (0.8.6)
    json (1.8.3)
    method_source (0.8.2)
    middleware (0.1.0)
    mime-types (3.1)
      mime-types-data (~> 3.2015)
    mime-types-data (3.2016.0521)
    minitest (5.10.3)
    netrc (0.11.0)
    protobuf (3.5.5)
      activesupport (>= 3.2)
      middleware
      thor
      thread_safe
    pry (0.10.4)
      coderay (~> 1.1.0)
      method_source (~> 0.8.1)
      slop (~> 3.4)
    rack (2.0.3)
    rake (10.4.2)
    rest-client (2.0.2)
      http-cookie (>= 1.0.2, < 2.0)
      mime-types (>= 1.16, < 4.0)
      netrc (~> 0.8)
    rspec (3.3.0)
      rspec-core (~> 3.3.0)
      rspec-expectations (~> 3.3.0)
      rspec-mocks (~> 3.3.0)
    rspec-core (3.3.2)
      rspec-support (~> 3.3.0)
    rspec-expectations (3.3.1)
      diff-lcs (>= 1.2.0, < 2.0)
      rspec-support (~> 3.3.0)
    rspec-mocks (3.3.2)
      diff-lcs (>= 1.2.0, < 2.0)
      rspec-support (~> 3.3.0)
    rspec-support (3.3.0)
    safe_yaml (1.0.4)
    simplecov (0.10.0)
      docile (~> 1.1.0)
      json (~> 1.8)
      simplecov-html (~> 0.10.0)
    simplecov-html (0.10.0)
    slop (3.6.0)
    thin (1.7.2)
      daemons (~> 1.0, >= 1.0.9)
      eventmachine (~> 1.0, >= 1.0.4)
      rack (>= 1, < 3)
    thor (0.20.0)
    thread_safe (0.3.6)
    tzinfo (1.2.3)
      thread_safe (~> 0.1)
    unf (0.1.4)
      unf_ext
    unf_ext (0.0.7.4)
    webmock (2.1.0)
      addressable (>= 2.3.6)
      crack (>= 0.3.2)
      hashdiff
    websocket (1.2.4)
    websocket-client-simple (0.3.0)
      event_emitter
      websocket
    websocket-driver (0.6.5)
      websocket-extensions (>= 0.1.0)
    websocket-extensions (0.1.2)

PLATFORMS
  ruby

DEPENDENCIES
  bundler (~> 1.10)
  faye-websocket (~> 0.10.7)
  pry
  rake (~> 10.0)
  rspec (~> 3.3)
  signalfx!
  simplecov
  thin (~> 1.7)
  webmock (~> 2.1)

BUNDLED WITH
   1.15.4
